GEM
  specs:
    require_all (3.0.0)
    yaml (0.2.0)

PLATFORMS
  ruby

DEPENDENCIES
  require_all
  yaml

BUNDLED WITH
   2.1.4
